GEM
  remote: https://rubygems.org/
  specs:
    chronic (0.10.2)
    hitimes (1.2.2)
    httpclient (2.5.3.2)
    mime-types (2.4.3)
    rake (10.3.2)
    rest-core (3.3.3)
      httpclient
      mime-types
      timers (>= 4.0.1)
    rest-more (3.3.1)
      rest-core (>= 3.3.0)
    timers (4.0.1)
      hitimes
    whenever (0.9.4)
      chronic (>= 0.6.3)

PLATFORMS
  ruby

DEPENDENCIES
  rake
  rest-core (~> 3.3.3)
  rest-more (~> 3.3.1)
  whenever
