GEM
  specs:
    chronic (0.10.2)
    rake (10.3.2)
    whenever (0.9.4)
      chronic (>= 0.6.3)

PLATFORMS
  ruby

DEPENDENCIES
  rake
  whenever
